PATH
  remote: .
  specs:
    awesome_toy_robot_simulator (0.1.0)

GEM
  remote: https://rubygems.org/
  specs:
    ast (2.3.0)
    axiom-types (0.1.1)
      descendants_tracker (~> 0.0.4)
      ice_nine (~> 0.11.0)
      thread_safe (~> 0.3, >= 0.3.1)
    codeclimate-engine-rb (0.4.0)
      virtus (~> 1.0)
    coderay (1.1.2)
    coercible (1.0.0)
      descendants_tracker (~> 0.0.1)
    descendants_tracker (0.0.4)
      thread_safe (~> 0.3, >= 0.3.1)
    diff-lcs (1.3)
    docile (1.1.5)
    equalizer (0.0.11)
    ice_nine (0.11.2)
    json (2.1.0)
    method_source (0.9.0)
    parallel (1.12.0)
    parser (2.4.0.0)
      ast (~> 2.2)
    powerpack (0.1.1)
    pry (0.11.1)
      coderay (~> 1.1.0)
      method_source (~> 0.9.0)
    rainbow (2.2.2)
      rake
    rake (10.5.0)
    reek (4.7.2)
      codeclimate-engine-rb (~> 0.4.0)
      parser (>= 2.4.0.0, < 2.5)
      rainbow (~> 2.0)
    rspec (3.6.0)
      rspec-core (~> 3.6.0)
      rspec-expectations (~> 3.6.0)
      rspec-mocks (~> 3.6.0)
    rspec-core (3.6.0)
      rspec-support (~> 3.6.0)
    rspec-expectations (3.6.0)
      diff-lcs (>= 1.2.0, < 2.0)
      rspec-support (~> 3.6.0)
    rspec-mocks (3.6.0)
      diff-lcs (>= 1.2.0, < 2.0)
      rspec-support (~> 3.6.0)
    rspec-support (3.6.0)
    rubocop (0.50.0)
      parallel (~> 1.10)
      parser (>= 2.3.3.1, < 3.0)
      powerpack (~> 0.1)
      rainbow (>= 2.2.2, < 3.0)
      ruby-progressbar (~> 1.7)
      unicode-display_width (~> 1.0, >= 1.0.1)
    ruby-progressbar (1.9.0)
    simplecov (0.15.1)
      docile (~> 1.1.0)
      json (>= 1.8, < 3)
      simplecov-html (~> 0.10.0)
    simplecov-html (0.10.2)
    thread_safe (0.3.6)
    unicode-display_width (1.3.0)
    virtus (1.0.5)
      axiom-types (~> 0.1)
      coercible (~> 1.0)
      descendants_tracker (~> 0.0, >= 0.0.3)
      equalizer (~> 0.0, >= 0.0.9)

PLATFORMS
  ruby

DEPENDENCIES
  awesome_toy_robot_simulator!
  bundler (~> 1.16.a)
  pry
  rake (~> 10.0)
  reek
  rspec (~> 3.0)
  rubocop
  simplecov

BUNDLED WITH
   1.16.0.pre.2
